PATH
  remote: .
  specs:
    aliyun_sms (0.1.0)
      activesupport
      faraday

GEM
  remote: https://rubygems.org/
  specs:
    activesupport (7.0.4.2)
      concurrent-ruby (~> 1.0, >= 1.0.2)
      i18n (>= 1.6, < 2)
      minitest (>= 5.1)
      tzinfo (~> 2.0)
    concurrent-ruby (1.2.0)
    debug (1.7.1)
      irb (>= 1.5.0)
      reline (>= 0.3.1)
    faraday (2.7.4)
      faraday-net_http (>= 2.0, < 3.1)
      ruby2_keywords (>= 0.0.4)
    faraday-net_http (3.0.2)
    i18n (1.12.0)
      concurrent-ruby (~> 1.0)
    io-console (0.6.0)
    irb (1.6.2)
      reline (>= 0.3.0)
    minitest (5.17.0)
    rake (13.0.6)
    reline (0.3.2)
      io-console (~> 0.5)
    ruby2_keywords (0.0.5)
    tzinfo (2.0.5)
      concurrent-ruby (~> 1.0)

PLATFORMS
  ruby

DEPENDENCIES
  aliyun_sms!
  bundler
  debug
  minitest (~> 5.0)
  rake

BUNDLED WITH
   2.3.14
