PATH
  remote: .
  specs:
    aliyun_sms (0.1.0)
      activesupport
      faraday

GEM
  remote: https://rubygems.org/
  specs:
    activesupport (7.0.3.1)
      concurrent-ruby (~> 1.0, >= 1.0.2)
      i18n (>= 1.6, < 2)
      minitest (>= 5.1)
      tzinfo (~> 2.0)
    concurrent-ruby (1.1.10)
    debug (1.6.1)
      irb (>= 1.3.6)
      reline (>= 0.3.1)
    faraday (0.17.1)
      multipart-post (>= 1.2, < 3)
    i18n (1.12.0)
      concurrent-ruby (~> 1.0)
    io-console (0.5.11)
    irb (1.4.1)
      reline (>= 0.3.0)
    minitest (5.13.0)
    multipart-post (2.1.1)
    rake (13.0.1)
    reline (0.3.1)
      io-console (~> 0.5)
    tzinfo (2.0.5)
      concurrent-ruby (~> 1.0)

PLATFORMS
  ruby

DEPENDENCIES
  aliyun_sms!
  bundler
  debug
  minitest (~> 5.0)
  rake

BUNDLED WITH
   1.17.2
